PATH
  remote: .
  specs:
    survey-gizmo-ruby (1.0.0)
      activesupport (>= 3.0)
      addressable
      httparty
      i18n
      virtus

GEM
  remote: https://rubygems.org/
  specs:
    activesupport (4.0.1)
      i18n (~> 0.6, >= 0.6.4)
      minitest (~> 4.2)
      multi_json (~> 1.3)
      thread_safe (~> 0.1)
      tzinfo (~> 0.3.37)
    addressable (2.3.5)
    atomic (1.1.14)
    axiom-types (0.0.5)
      descendants_tracker (~> 0.0.1)
      ice_nine (~> 0.9)
    backports (3.3.5)
    coercible (0.2.0)
      backports (~> 3.0, >= 3.1.0)
      descendants_tracker (~> 0.0.1)
    crack (0.4.1)
      safe_yaml (~> 0.9.0)
    descendants_tracker (0.0.3)
    diff-lcs (1.1.3)
    equalizer (0.0.7)
    httparty (0.12.0)
      json (~> 1.8)
      multi_xml (>= 0.5.2)
    i18n (0.6.5)
    ice_nine (0.10.0)
    json (1.8.1)
    minitest (4.7.5)
    multi_json (1.8.2)
    multi_xml (0.5.5)
    rake (10.1.0)
    rspec (2.11.0)
      rspec-core (~> 2.11.0)
      rspec-expectations (~> 2.11.0)
      rspec-mocks (~> 2.11.0)
    rspec-core (2.11.1)
    rspec-expectations (2.11.3)
      diff-lcs (~> 1.1.3)
    rspec-mocks (2.11.3)
    safe_yaml (0.9.7)
    thread_safe (0.1.3)
      atomic
    tzinfo (0.3.38)
    virtus (1.0.0)
      axiom-types (~> 0.0.5)
      coercible (~> 0.2)
      descendants_tracker (~> 0.0.1)
      equalizer (~> 0.0.7)
    webmock (1.15.2)
      addressable (>= 2.2.7)
      crack (>= 0.3.2)

PLATFORMS
  ruby

DEPENDENCIES
  rake
  rspec (~> 2.11.0)
  survey-gizmo-ruby!
  webmock
