GEM
  remote: http://rubygems.org/
  specs:
    activesupport (3.2.3)
      i18n (~> 0.6)
      multi_json (~> 1.0)
    addressable (2.2.6)
    awesome_print (1.0.1)
    bluecloth (2.2.0)
    crack (0.3.1)
    diff-lcs (1.1.3)
    git (1.2.5)
    httparty (0.8.1)
      multi_json
      multi_xml
    i18n (0.6.0)
    jeweler (1.6.4)
      bundler (~> 1.0)
      git (>= 1.2.5)
      rake
    multi_json (1.0.4)
    multi_xml (0.4.1)
    net-http-spy (0.2.1)
    rake (0.9.2.2)
    rspec (2.3.0)
      rspec-core (~> 2.3.0)
      rspec-expectations (~> 2.3.0)
      rspec-mocks (~> 2.3.0)
    rspec-core (2.3.1)
    rspec-expectations (2.3.0)
      diff-lcs (~> 1.1.2)
    rspec-mocks (2.3.0)
    virtus (0.0.10)
    webmock (1.7.8)
      addressable (~> 2.2, > 2.2.5)
      crack (>= 0.1.7)
    yard (0.7.4)

PLATFORMS
  ruby

DEPENDENCIES
  activesupport (~> 3.0)
  awesome_print
  bluecloth
  bundler
  httparty
  i18n
  jeweler
  net-http-spy
  rspec
  virtus
  webmock
  yard (~> 0.7.0)
