GEM
  remote: http://rubygems.org/
  specs:
    activesupport (3.0.10)
    addressable (2.2.6)
    crack (0.1.8)
    diff-lcs (1.1.3)
    git (1.2.5)
    httparty (0.8.0)
      multi_json
      multi_xml
    i18n (0.5.0)
    jeweler (1.6.4)
      bundler (~> 1.0)
      git (>= 1.2.5)
      rake
    multi_json (1.0.3)
    multi_xml (0.4.0)
    net-http-spy (0.2.1)
    rake (0.9.2)
    rspec (2.3.0)
      rspec-core (~> 2.3.0)
      rspec-expectations (~> 2.3.0)
      rspec-mocks (~> 2.3.0)
    rspec-core (2.3.1)
    rspec-expectations (2.3.0)
      diff-lcs (~> 1.1.2)
    rspec-mocks (2.3.0)
    virtus (0.0.8)
    webmock (1.7.6)
      addressable (~> 2.2, > 2.2.5)
      crack (>= 0.1.7)
    yard (0.6.8)

PLATFORMS
  ruby

DEPENDENCIES
  activesupport (~> 3.0.1)
  bundler (~> 1.0.0)
  httparty
  i18n
  jeweler (~> 1.6.4)
  net-http-spy
  rspec (~> 2.3.0)
  virtus (~> 0.0.5)
  webmock
  yard (~> 0.6.0)
